GEM
  remote: https://rubygems.org/
  specs:
    diff-lcs (1.3)

PLATFORMS
  x64-mingw32

DEPENDENCIES
  diff-lcs

BUNDLED WITH
   2.0.2
