GEM
  remote: https://rubygems.org/
  specs:
    ffi (1.11.1)
    zbar (0.3.0)
      ffi (~> 1.0)

PLATFORMS
  ruby

DEPENDENCIES
  zbar

BUNDLED WITH
   2.0.2
